GEM
  remote: https://rubygems.org/
  specs:
    addressable (2.3.4)
    configuration (1.3.2)
    faraday (0.8.7)
      multipart-post (~> 1.1)
    faraday_middleware (0.9.0)
      faraday (>= 0.7.4, < 0.9)
    gosu (0.7.47.1)
    hashie (1.2.0)
    multi_json (1.7.3)
    multipart-post (1.2.0)
    netrc (0.7.7)
    octokit (1.23.0)
      addressable (~> 2.2)
      faraday (~> 0.8)
      faraday_middleware (~> 0.9)
      hashie (~> 1.2)
      multi_json (~> 1.3)
      netrc (~> 0.7.7)
    rtanque (0.1.0)
      configuration (~> 1.3.2)
      gosu (~> 0.7.45)
      octokit (~> 1.23.0)
      texplay
      thor (~> 0.17.0)
    texplay (0.4.3)
      gosu (>= 0.7.25)
    thor (0.17.0)

PLATFORMS
  ruby

DEPENDENCIES
  rtanque
